GIT
  remote: https://github.com/Platoniq/jekyll-plugin-platoniq-journal.git
  revision: c076bd205aa3d9cc98c2efe99ff561e98da350f5
  specs:
    jekyll-plugin-platoniq-journal (0.0.1)
      jekyll (~> 4.2)
      kramdown (~> 2.3)

GIT
  remote: https://github.com/Platoniq/jekyll-theme-platoniq-journal.git
  revision: cf4565f50758b58f08264f8831954b8d6d0aadbb
  specs:
    jekyll-theme-platoniq-journal (0.0.9)
      jekyll (~> 4.2)
      jekyll-data (~> 1.1.1)
      jekyll-plugin-platoniq-journal (~> 0.0.1)
      jekyll-seo-tag (~> 2.6)
      jekyll_version_plugin (~> 2.0.0)

GEM
  remote: https://rubygems.org/
  specs:
    addressable (2.8.0)
      public_suffix (>= 2.0.2, < 5.0)
    colorator (1.1.0)
    concurrent-ruby (1.1.9)
    em-websocket (0.5.3)
      eventmachine (>= 0.12.9)
      http_parser.rb (~> 0)
    eventmachine (1.2.7)
    ffi (1.15.4)
    forwardable-extended (2.6.0)
    http_parser.rb (0.8.0)
    i18n (1.8.11)
      concurrent-ruby (~> 1.0)
    jekyll (4.2.1)
      addressable (~> 2.4)
      colorator (~> 1.0)
      em-websocket (~> 0.5)
      i18n (~> 1.0)
      jekyll-sass-converter (~> 2.0)
      jekyll-watch (~> 2.0)
      kramdown (~> 2.3)
      kramdown-parser-gfm (~> 1.0)
      liquid (~> 4.0)
      mercenary (~> 0.4.0)
      pathutil (~> 0.9)
      rouge (~> 3.0)
      safe_yaml (~> 1.0)
      terminal-table (~> 2.0)
    jekyll-data (1.1.1)
      jekyll (>= 3.3, < 5.0.0)
    jekyll-feed (0.15.1)
      jekyll (>= 3.7, < 5.0)
    jekyll-redirect-from (0.16.0)
      jekyll (>= 3.3, < 5.0)
    jekyll-sass-converter (2.1.0)
      sassc (> 2.0.1, < 3.0)
    jekyll-seo-tag (2.7.1)
      jekyll (>= 3.8, < 5.0)
    jekyll-watch (2.2.1)
      listen (~> 3.0)
    jekyll-youtube (1.0.0)
      jekyll
    jekyll_version_plugin (2.0.0)
    kramdown (2.3.1)
      rexml
    kramdown-parser-gfm (1.1.0)
      kramdown (~> 2.0)
    liquid (4.0.3)
    listen (3.7.0)
      rb-fsevent (~> 0.10, >= 0.10.3)
      rb-inotify (~> 0.9, >= 0.9.10)
    mercenary (0.4.0)
    pathutil (0.16.2)
      forwardable-extended (~> 2.6)
    public_suffix (4.0.6)
    rb-fsevent (0.11.0)
    rb-inotify (0.10.1)
      ffi (~> 1.0)
    rexml (3.2.5)
    rouge (3.27.0)
    safe_yaml (1.0.5)
    sassc (2.4.0)
      ffi (~> 1.9)
    terminal-table (2.0.0)
      unicode-display_width (~> 1.1, >= 1.1.1)
    unicode-display_width (1.8.0)
    webrick (1.7.0)

PLATFORMS
  x86_64-linux

DEPENDENCIES
  jekyll (~> 4.2.1)
  jekyll-feed (~> 0.12)
  jekyll-plugin-platoniq-journal!
  jekyll-redirect-from
  jekyll-seo-tag
  jekyll-theme-platoniq-journal!
  jekyll-youtube
  webrick

BUNDLED WITH
   2.2.33
